GIT
  remote: https://github.com/DFE-Digital/dfe-analytics.git
  revision: f7df3171c79f36c5b90da5d63477a56ae3483899
  tag: v1.15.4
  specs:
    dfe-analytics (1.15.4)
      google-cloud-bigquery (~> 1.38)
      httparty (~> 0.21)
      multi_xml (~> 0.6.0)
      request_store_rails (~> 2)

GIT
  remote: https://github.com/citizensadvice/capybara_accessible_selectors
  revision: 818bb2401925ecd872ea21fb1e4faab61751219f
  branch: main
  specs:
    capybara_accessible_selectors (0.11.0)
      capybara (~> 3.36)

GEM
  remote: https://rubygems.org/
  specs:
    actioncable (8.0.2)
      actionpack (= 8.0.2)
      activesupport (= 8.0.2)
      nio4r (~> 2.0)
      websocket-driver (>= 0.6.1)
      zeitwerk (~> 2.6)
    actionmailbox (8.0.2)
      actionpack (= 8.0.2)
      activejob (= 8.0.2)
      activerecord (= 8.0.2)
      activestorage (= 8.0.2)
      activesupport (= 8.0.2)
      mail (>= 2.8.0)
    actionmailer (8.0.2)
      actionpack (= 8.0.2)
      actionview (= 8.0.2)
      activejob (= 8.0.2)
      activesupport (= 8.0.2)
      mail (>= 2.8.0)
      rails-dom-testing (~> 2.2)
    actionpack (8.0.2)
      actionview (= 8.0.2)
      activesupport (= 8.0.2)
      nokogiri (>= 1.8.5)
      rack (>= 2.2.4)
      rack-session (>= 1.0.1)
      rack-test (>= 0.6.3)
      rails-dom-testing (~> 2.2)
      rails-html-sanitizer (~> 1.6)
      useragent (~> 0.16)
    actiontext (8.0.2)
      actionpack (= 8.0.2)
      activerecord (= 8.0.2)
      activestorage (= 8.0.2)
      activesupport (= 8.0.2)
      globalid (>= 0.6.0)
      nokogiri (>= 1.8.5)
    actionview (8.0.2)
      activesupport (= 8.0.2)
      builder (~> 3.1)
      erubi (~> 1.11)
      rails-dom-testing (~> 2.2)
      rails-html-sanitizer (~> 1.6)
    activejob (8.0.2)
      activesupport (= 8.0.2)
      globalid (>= 0.3.6)
    activemodel (8.0.2)
      activesupport (= 8.0.2)
    activemodel-serializers-xml (1.0.3)
      activemodel (>= 5.0.0.a)
      activesupport (>= 5.0.0.a)
      builder (~> 3.1)
    activerecord (8.0.2)
      activemodel (= 8.0.2)
      activesupport (= 8.0.2)
      timeout (>= 0.4.0)
    activerecord-session_store (2.2.0)
      actionpack (>= 7.0)
      activerecord (>= 7.0)
      cgi (>= 0.3.6)
      rack (>= 2.0.8, < 4)
      railties (>= 7.0)
    activestorage (8.0.2)
      actionpack (= 8.0.2)
      activejob (= 8.0.2)
      activerecord (= 8.0.2)
      activesupport (= 8.0.2)
      marcel (~> 1.0)
    activesupport (8.0.2)
      base64
      benchmark (>= 0.3)
      bigdecimal
      concurrent-ruby (~> 1.0, >= 1.3.1)
      connection_pool (>= 2.2.5)
      drb
      i18n (>= 1.6, < 2)
      logger (>= 1.4.2)
      minitest (>= 5.1)
      securerandom (>= 0.3)
      tzinfo (~> 2.0, >= 2.0.5)
      uri (>= 0.13.1)
    addressable (2.8.7)
      public_suffix (>= 2.0.2, < 7.0)
    aes_key_wrap (1.1.0)
    amazing_print (1.8.1)
    annotate (2.6.5)
      activerecord (>= 2.3.0)
      rake (>= 0.8.7)
    ast (2.4.3)
    attr_required (1.0.2)
    audited (5.8.0)
      activerecord (>= 5.2, < 8.2)
      activesupport (>= 5.2, < 8.2)
    azure-blob (0.5.9)
      rexml
    base64 (0.3.0)
    benchmark (0.4.1)
    better_html (2.1.1)
      actionview (>= 6.0)
      activesupport (>= 6.0)
      ast (~> 2.0)
      erubi (~> 1.4)
      parser (>= 2.4)
      smart_properties
    bigdecimal (3.2.1)
    bindata (2.5.0)
    bindex (0.8.1)
    bootsnap (1.18.6)
      msgpack (~> 1.2)
    brakeman (7.0.2)
      racc
    builder (3.3.0)
    byebug (12.0.0)
    capybara (3.40.0)
      addressable
      matrix
      mini_mime (>= 0.1.3)
      nokogiri (~> 1.11)
      rack (>= 1.6.0)
      rack-test (>= 0.6.3)
      regexp_parser (>= 1.5, < 3.0)
      xpath (~> 3.2)
    capybara-screenshot (1.0.26)
      capybara (>= 1.0, < 4)
      launchy
    cgi (0.4.2)
    childprocess (5.1.0)
      logger (~> 1.5)
    choice (0.2.0)
    climate_control (1.2.0)
    coderay (1.1.3)
    concurrent-ruby (1.3.5)
    connection_pool (2.5.3)
    crack (1.0.0)
      bigdecimal
      rexml
    crass (1.0.6)
    cssbundling-rails (1.4.3)
      railties (>= 6.0.0)
    csv (3.3.4)
    date (3.4.1)
    debug (1.10.0)
      irb (~> 1.10)
      reline (>= 0.3.8)
    declarative (0.0.20)
    diff-lcs (1.6.2)
    discard (1.4.0)
      activerecord (>= 4.2, < 9.0)
    docile (1.4.0)
    dotenv (3.1.8)
    dotenv-rails (3.1.8)
      dotenv (= 3.1.8)
      railties (>= 6.1)
    down (5.4.2)
      addressable (~> 2.8)
    draper (4.0.4)
      actionpack (>= 5.0)
      activemodel (>= 5.0)
      activemodel-serializers-xml (>= 1.0)
      activesupport (>= 5.0)
      request_store (>= 1.0)
      ruby2_keywords
    drb (2.2.3)
    email_validator (2.2.4)
      activemodel
    erb (5.0.1)
    erb_lint (0.9.0)
      activesupport
      better_html (>= 2.0.1)
      parser (>= 2.7.1.4)
      rainbow
      rubocop (>= 1)
      smart_properties
    erubi (1.13.1)
    et-orbi (1.2.11)
      tzinfo
    factory_bot (6.5.0)
      activesupport (>= 5.0.0)
    factory_bot_rails (6.4.4)
      factory_bot (~> 6.5)
      railties (>= 5.0.0)
    faker (3.5.1)
      i18n (>= 1.8.11, < 2)
    faraday (2.12.2)
      faraday-net_http (>= 2.0, < 3.5)
      json
      logger
    faraday-follow_redirects (0.3.0)
      faraday (>= 1, < 3)
    faraday-net_http (3.4.0)
      net-http (>= 0.5.0)
    flipper (1.3.4)
      concurrent-ruby (< 2)
    flipper-active_record (1.3.4)
      activerecord (>= 4.2, < 9)
      flipper (~> 1.3.4)
    flipper-ui (1.3.4)
      erubi (>= 1.0.0, < 2.0.0)
      flipper (~> 1.3.4)
      rack (>= 1.4, < 4)
      rack-protection (>= 1.5.3, < 5.0.0)
      rack-session (>= 1.0.2, < 3.0.0)
      sanitize (< 8)
    fugit (1.11.1)
      et-orbi (~> 1, >= 1.2.11)
      raabro (~> 1.4)
    geocoder (1.8.5)
      base64 (>= 0.1.0)
      csv (>= 3.0.0)
    globalid (1.2.1)
      activesupport (>= 6.1)
    good_job (4.10.1)
      activejob (>= 6.1.0)
      activerecord (>= 6.1.0)
      concurrent-ruby (>= 1.3.1)
      fugit (>= 1.11.0)
      railties (>= 6.1.0)
      thor (>= 1.0.0)
    google-apis-bigquery_v2 (0.83.0)
      google-apis-core (>= 0.15.0, < 2.a)
    google-apis-core (0.16.0)
      addressable (~> 2.5, >= 2.5.1)
      googleauth (~> 1.9)
      httpclient (>= 2.8.3, < 3.a)
      mini_mime (~> 1.0)
      mutex_m
      representable (~> 3.0)
      retriable (>= 2.0, < 4.a)
    google-cloud-bigquery (1.51.1)
      bigdecimal (~> 3.0)
      concurrent-ruby (~> 1.0)
      google-apis-bigquery_v2 (~> 0.71)
      google-apis-core (~> 0.13)
      google-cloud-core (~> 1.6)
      googleauth (~> 1.9)
      mini_mime (~> 1.0)
    google-cloud-core (1.7.1)
      google-cloud-env (>= 1.0, < 3.a)
      google-cloud-errors (~> 1.0)
    google-cloud-env (2.2.1)
      faraday (>= 1.0, < 3.a)
    google-cloud-errors (1.4.0)
    google-logging-utils (0.1.0)
    googleauth (1.13.1)
      faraday (>= 1.0, < 3.a)
      google-cloud-env (~> 2.2)
      google-logging-utils (~> 0.1)
      jwt (>= 1.4, < 3.0)
      multi_json (~> 1.11)
      os (>= 0.9, < 2.0)
      signet (>= 0.16, < 2.a)
    govuk-components (5.10.0)
      html-attributes-utils (~> 1.0.0, >= 1.0.0)
      pagy (>= 6, < 10)
      view_component (>= 3.18, < 3.22)
    govuk_design_system_formbuilder (5.10.0)
      actionview (>= 6.1)
      activemodel (>= 6.1)
      activesupport (>= 6.1)
      html-attributes-utils (~> 1)
    govuk_markdown (2.0.3)
      activesupport
      redcarpet
    haml (6.3.0)
      temple (>= 0.8.2)
      thor
      tilt
    hashdiff (1.1.2)
    hashie (5.0.0)
    html-attributes-utils (1.0.2)
      activesupport (>= 6.1.4.4)
    httparty (0.23.1)
      csv
      mini_mime (>= 1.0.0)
      multi_xml (>= 0.5.2)
    httpclient (2.8.3)
    i18n (1.14.7)
      concurrent-ruby (~> 1.0)
    imagen (0.2.0)
      parser (>= 2.5, != 2.5.1.1)
    io-console (0.8.0)
    irb (1.15.2)
      pp (>= 0.6.0)
      rdoc (>= 4.0.0)
      reline (>= 0.4.2)
    jsbundling-rails (1.3.1)
      railties (>= 6.0.0)
    json (2.12.2)
    json-jwt (1.16.6)
      activesupport (>= 4.2)
      aes_key_wrap
      base64
      bindata
      faraday (~> 2.0)
      faraday-follow_redirects
    jwt (2.10.1)
      base64
    language_server-protocol (3.17.0.5)
    launchy (3.1.1)
      addressable (~> 2.8)
      childprocess (~> 5.0)
      logger (~> 1.6)
    lint_roller (1.1.0)
    logger (1.7.0)
    loofah (2.24.1)
      crass (~> 1.0.2)
      nokogiri (>= 1.12.0)
    mail (2.8.1)
      mini_mime (>= 0.1.1)
      net-imap
      net-pop
      net-smtp
    mail-notify (2.0.0)
      actionmailer (>= 5.2.8.1)
      actionpack (>= 5.2.8.1)
      actionview (>= 5.2.8.1)
      activesupport (>= 5.2.8.1)
      notifications-ruby-client (~> 6.0)
      rack (>= 2.1.4.1)
    marcel (1.0.4)
    matrix (0.4.2)
    method_source (1.1.0)
    mini_mime (1.1.5)
    minitest (5.25.5)
    monetize (1.13.0)
      money (~> 6.12)
    money (6.16.0)
      i18n (>= 0.6.4, <= 2)
    money-rails (1.15.0)
      activesupport (>= 3.0)
      monetize (~> 1.9)
      money (~> 6.13)
      railties (>= 3.0)
    msgpack (1.8.0)
    multi_json (1.15.0)
    multi_xml (0.6.0)
    mutex_m (0.3.0)
    net-http (0.6.0)
      uri
    net-imap (0.5.2)
      date
      net-protocol
    net-pop (0.1.2)
      net-protocol
    net-protocol (0.2.2)
      timeout
    net-smtp (0.5.0)
      net-protocol
    nio4r (2.7.4)
    nokogiri (1.18.8-arm64-darwin)
      racc (~> 1.4)
    nokogiri (1.18.8-x86_64-darwin)
      racc (~> 1.4)
    nokogiri (1.18.8-x86_64-linux-gnu)
      racc (~> 1.4)
    nokogiri (1.18.8-x86_64-linux-musl)
      racc (~> 1.4)
    notifications-ruby-client (6.0.0)
      jwt (>= 1.5, < 3)
    okcomputer (1.19.0)
    omniauth (2.1.3)
      hashie (>= 3.4.6)
      rack (>= 2.2.3)
      rack-protection
    omniauth-rails_csrf_protection (1.0.2)
      actionpack (>= 4.2)
      omniauth (~> 2.0)
    omniauth_openid_connect (0.8.0)
      omniauth (>= 1.9, < 3)
      openid_connect (~> 2.2)
    openid_connect (2.3.0)
      activemodel
      attr_required (>= 1.0.0)
      email_validator
      faraday (~> 2.0)
      faraday-follow_redirects
      json-jwt (>= 1.16)
      mail
      rack-oauth2 (~> 2.2)
      swd (~> 2.0)
      tzinfo
      validate_url
      webfinger (~> 2.0)
    os (1.1.4)
    ostruct (0.6.1)
    pagy (9.3.4)
    parallel (1.27.0)
    parallel_tests (5.2.0)
      parallel
    parser (3.3.8.0)
      ast (~> 2.4.1)
      racc
    pg (1.5.9)
    pg_search (2.3.7)
      activerecord (>= 6.1)
      activesupport (>= 6.1)
    pp (0.6.2)
      prettyprint
    prettier_print (1.2.1)
    prettyprint (0.2.0)
    prism (1.4.0)
    propshaft (1.1.0)
      actionpack (>= 7.0.0)
      activesupport (>= 7.0.0)
      rack
      railties (>= 7.0.0)
    pry (0.15.2)
      coderay (~> 1.1)
      method_source (~> 1.0)
    pry-byebug (3.11.0)
      byebug (~> 12.0)
      pry (>= 0.13, < 0.16)
    pry-rails (0.3.11)
      pry (>= 0.13.0)
    psych (5.2.6)
      date
      stringio
    public_suffix (6.0.1)
    puma (6.6.0)
      nio4r (~> 2.0)
    pundit (2.5.0)
      activesupport (>= 3.0.0)
    raabro (1.4.0)
    racc (1.8.1)
    rack (3.1.15)
    rack-oauth2 (2.2.1)
      activesupport
      attr_required
      faraday (~> 2.0)
      faraday-follow_redirects
      json-jwt (>= 1.11.0)
      rack (>= 2.1.0)
    rack-protection (4.1.1)
      base64 (>= 0.1.0)
      logger (>= 1.6.0)
      rack (>= 3.0.0, < 4)
    rack-session (2.1.1)
      base64 (>= 0.1.0)
      rack (>= 3.0.0)
    rack-test (2.2.0)
      rack (>= 1.3)
    rackup (2.2.1)
      rack (>= 3)
    rails (8.0.2)
      actioncable (= 8.0.2)
      actionmailbox (= 8.0.2)
      actionmailer (= 8.0.2)
      actionpack (= 8.0.2)
      actiontext (= 8.0.2)
      actionview (= 8.0.2)
      activejob (= 8.0.2)
      activemodel (= 8.0.2)
      activerecord (= 8.0.2)
      activestorage (= 8.0.2)
      activesupport (= 8.0.2)
      bundler (>= 1.15.0)
      railties (= 8.0.2)
    rails-controller-testing (1.0.5)
      actionpack (>= 5.0.1.rc1)
      actionview (>= 5.0.1.rc1)
      activesupport (>= 5.0.1.rc1)
    rails-dom-testing (2.3.0)
      activesupport (>= 5.0.0)
      minitest
      nokogiri (>= 1.6)
    rails-erd (1.7.2)
      activerecord (>= 4.2)
      activesupport (>= 4.2)
      choice (~> 0.2.0)
      ruby-graphviz (~> 1.2)
    rails-html-sanitizer (1.6.2)
      loofah (~> 2.21)
      nokogiri (>= 1.15.7, != 1.16.7, != 1.16.6, != 1.16.5, != 1.16.4, != 1.16.3, != 1.16.2, != 1.16.1, != 1.16.0.rc1, != 1.16.0)
    rails_semantic_logger (4.17.0)
      rack
      railties (>= 5.1)
      semantic_logger (~> 4.16)
    railties (8.0.2)
      actionpack (= 8.0.2)
      activesupport (= 8.0.2)
      irb (~> 1.13)
      rackup (>= 1.0.0)
      rake (>= 12.2)
      thor (~> 1.0, >= 1.2.2)
      zeitwerk (~> 2.6)
    rainbow (3.1.1)
    rake (13.2.1)
    rbs (3.8.1)
      logger
    rdoc (6.14.0)
      erb
      psych (>= 4.0.0)
    redcarpet (3.6.1)
    regexp_parser (2.10.0)
    reline (0.6.1)
      io-console (~> 0.5)
    representable (3.2.0)
      declarative (< 0.1.0)
      trailblazer-option (>= 0.1.1, < 0.2.0)
      uber (< 0.2.0)
    request_store (1.7.0)
      rack (>= 1.4)
    request_store_rails (2.0.0)
      concurrent-ruby (~> 1.0)
    retriable (3.1.2)
    rexml (3.4.1)
    rladr (1.2.0)
    rspec (3.13.0)
      rspec-core (~> 3.13.0)
      rspec-expectations (~> 3.13.0)
      rspec-mocks (~> 3.13.0)
    rspec-core (3.13.3)
      rspec-support (~> 3.13.0)
    rspec-expectations (3.13.4)
      diff-lcs (>= 1.2.0, < 2.0)
      rspec-support (~> 3.13.0)
    rspec-mocks (3.13.4)
      diff-lcs (>= 1.2.0, < 2.0)
      rspec-support (~> 3.13.0)
    rspec-rails (8.0.0)
      actionpack (>= 7.2)
      activesupport (>= 7.2)
      railties (>= 7.2)
      rspec-core (~> 3.13)
      rspec-expectations (~> 3.13)
      rspec-mocks (~> 3.13)
      rspec-support (~> 3.13)
    rspec-support (3.13.3)
    rubocop (1.75.8)
      json (~> 2.3)
      language_server-protocol (~> 3.17.0.2)
      lint_roller (~> 1.1.0)
      parallel (~> 1.10)
      parser (>= 3.3.0.2)
      rainbow (>= 2.2.2, < 4.0)
      regexp_parser (>= 2.9.3, < 3.0)
      rubocop-ast (>= 1.44.0, < 2.0)
      ruby-progressbar (~> 1.7)
      unicode-display_width (>= 2.4.0, < 4.0)
    rubocop-ast (1.44.1)
      parser (>= 3.3.7.2)
      prism (~> 1.4)
    rubocop-capybara (2.22.1)
      lint_roller (~> 1.1)
      rubocop (~> 1.72, >= 1.72.1)
    rubocop-govuk (5.1.12)
      rubocop (= 1.75.8)
      rubocop-ast (= 1.44.1)
      rubocop-capybara (= 2.22.1)
      rubocop-rails (= 2.32.0)
      rubocop-rake (= 0.7.1)
      rubocop-rspec (= 3.6.0)
    rubocop-rails (2.32.0)
      activesupport (>= 4.2.0)
      lint_roller (~> 1.1)
      rack (>= 1.1)
      rubocop (>= 1.75.0, < 2.0)
      rubocop-ast (>= 1.44.0, < 2.0)
    rubocop-rake (0.7.1)
      lint_roller (~> 1.1)
      rubocop (>= 1.72.1)
    rubocop-rspec (3.6.0)
      lint_roller (~> 1.1)
      rubocop (~> 1.72, >= 1.72.1)
    ruby-graphviz (1.2.5)
      rexml
    ruby-lsp (0.23.9)
      language_server-protocol (~> 3.17.0)
      prism (>= 1.2, < 2.0)
      rbs (>= 3, < 4)
      sorbet-runtime (>= 0.5.10782)
    ruby-lsp-rspec (0.1.22)
      ruby-lsp (~> 0.23.0)
    ruby-progressbar (1.13.0)
    ruby2_keywords (0.0.5)
    rubyzip (2.4.1)
    rugged (1.9.0)
    sanitize (7.0.0)
      crass (~> 1.0.2)
      nokogiri (>= 1.16.8)
    securerandom (0.4.1)
    selenium-webdriver (4.33.0)
      base64 (~> 0.2)
      logger (~> 1.4)
      rexml (~> 3.2, >= 3.2.5)
      rubyzip (>= 1.2.2, < 3.0)
      websocket (~> 1.0)
    semantic_logger (4.16.0)
      concurrent-ruby (~> 1.0)
    sentry-rails (5.23.0)
      railties (>= 5.0)
      sentry-ruby (~> 5.23.0)
    sentry-ruby (5.23.0)
      bigdecimal
      concurrent-ruby (~> 1.0, >= 1.0.2)
    shoulda-matchers (6.5.0)
      activesupport (>= 5.2.0)
    signet (0.19.0)
      addressable (~> 2.8)
      faraday (>= 0.17.5, < 3.a)
      jwt (>= 1.5, < 3.0)
      multi_json (~> 1.10)
    simplecov (0.22.0)
      docile (~> 1.1)
      simplecov-html (~> 0.11)
      simplecov_json_formatter (~> 0.1)
    simplecov-html (0.12.3)
    simplecov-lcov (0.8.0)
    simplecov_json_formatter (0.1.4)
    skylight (6.0.4)
      activesupport (>= 5.2.0)
    smart_properties (1.17.0)
    sorbet-runtime (0.5.11813)
    stimulus-rails (1.3.4)
      railties (>= 6.0.0)
    stringio (3.1.7)
    strong_migrations (2.3.0)
      activerecord (>= 7)
    swd (2.0.3)
      activesupport (>= 3)
      attr_required (>= 0.0.5)
      faraday (~> 2.0)
      faraday-follow_redirects
    syntax_tree (6.2.0)
      prettier_print (>= 1.2.0)
    syntax_tree-haml (4.0.3)
      haml (>= 5.2)
      prettier_print (>= 1.2.1)
      syntax_tree (>= 6.0.0)
    syntax_tree-rbs (1.0.0)
      prettier_print
      rbs
      syntax_tree (>= 2.0.1)
    temple (0.10.3)
    thor (1.3.2)
    tilt (2.3.0)
    timecop (0.9.10)
    timeout (0.4.3)
    trailblazer-option (0.1.2)
    tzinfo (2.0.6)
      concurrent-ruby (~> 1.0)
    uber (0.1.0)
    undercover (0.6.4)
      base64
      bigdecimal
      imagen (>= 0.2.0)
      rainbow (>= 2.1, < 4.0)
      rugged (>= 0.27, < 1.10)
    unicode-display_width (3.1.4)
      unicode-emoji (~> 4.0, >= 4.0.4)
    unicode-emoji (4.0.4)
    uri (1.0.3)
    useragent (0.16.11)
    validate_url (1.0.15)
      activemodel (>= 3.0.0)
      public_suffix
    view_component (3.21.0)
      activesupport (>= 5.2.0, < 8.1)
      concurrent-ruby (~> 1.0)
      method_source (~> 1.0)
    web-console (4.2.1)
      actionview (>= 6.0.0)
      activemodel (>= 6.0.0)
      bindex (>= 0.4.0)
      railties (>= 6.0.0)
    webfinger (2.1.3)
      activesupport
      faraday (~> 2.0)
      faraday-follow_redirects
    webmock (3.25.1)
      addressable (>= 2.8.0)
      crack (>= 0.3.2)
      hashdiff (>= 0.4.0, < 2.0.0)
    websocket (1.2.11)
    websocket-driver (0.7.7)
      base64
      websocket-extensions (>= 0.1.0)
    websocket-extensions (0.1.5)
    xpath (3.2.0)
      nokogiri (~> 1.8)
    zeitwerk (2.7.3)

PLATFORMS
  arm64-darwin
  x86_64-darwin-22
  x86_64-darwin-23
  x86_64-linux
  x86_64-linux-musl

DEPENDENCIES
  activerecord-session_store
  amazing_print
  annotate
  audited
  azure-blob
  better_html
  bootsnap
  brakeman
  capybara
  capybara-screenshot
  capybara_accessible_selectors!
  climate_control
  cssbundling-rails
  csv
  debug
  dfe-analytics!
  discard
  dotenv-rails
  down (~> 5.4)
  draper
  erb_lint
  factory_bot_rails
  faker
  flipper (~> 1.3)
  flipper-active_record (~> 1.3)
  flipper-ui (~> 1.3)
  geocoder
  good_job (~> 4.10)
  govuk-components (~> 5.10.0)
  govuk_design_system_formbuilder (~> 5.10)
  govuk_markdown
  httparty
  jsbundling-rails
  launchy
  mail-notify
  money-rails (~> 1.12)
  okcomputer
  omniauth
  omniauth-rails_csrf_protection
  omniauth_openid_connect
  ostruct (~> 0.6.1)
  pagy (~> 9.3)
  parallel_tests
  pg (~> 1.5)
  pg_search
  prettier_print
  propshaft
  pry
  pry-byebug
  pry-rails
  puma (~> 6.6)
  pundit
  rails (~> 8.0.2)
  rails-controller-testing
  rails-erd
  rails_semantic_logger
  redcarpet (~> 3.6)
  rladr
  rspec
  rspec-rails
  rubocop-govuk
  rubocop-rspec
  ruby-lsp-rspec
  selenium-webdriver
  sentry-rails
  shoulda-matchers
  simplecov
  simplecov-lcov
  skylight
  stimulus-rails
  strong_migrations
  syntax_tree
  syntax_tree-haml
  syntax_tree-rbs
  timecop
  tzinfo-data
  undercover (~> 0.6.4)
  view_component
  web-console
  webmock

RUBY VERSION
   ruby 3.3.5p100

BUNDLED WITH
   2.5.9
